PATH
  remote: .
  specs:
    fig (2.0.0.pre.alpha.11)
      artifactory (~> 3.0.17)
      base64 (~> 0.2.0)
      bcrypt_pbkdf (~> 1.1.0)
      bundler (~> 2.6.0)
      colorize (~> 1.1.0)
      ed25519 (~> 1.3.0)
      ffi-libarchive-binary (~> 0.4.1)
      highline (~> 3.1.0)
      json (~> 2.10.0)
      log4r (~> 1.1.0)
      logger (~> 1.6.0)
      net-ftp (~> 0.3.0)
      net-netrc (~> 0.2.0)
      net-sftp (~> 4.0.0)
      net-ssh (~> 7.3.0)
      rexml (~> 3.0)
      stringio (~> 3.1.0)
      treetop (~> 1.6.0)

GEM
  remote: http://rubygems.org/
  specs:
    Platform (0.4.2)
    artifactory (3.0.17)
    base64 (0.2.0)
    bcrypt_pbkdf (1.1.1)
    bcrypt_pbkdf (1.1.1-arm64-darwin)
    bcrypt_pbkdf (1.1.1-x64-mingw-ucrt)
    colorize (1.1.0)
    date (3.4.1)
    diff-lcs (1.6.0)
    docile (1.4.1)
    ed25519 (1.3.0)
    ffi (1.17.1-arm64-darwin)
    ffi (1.17.1-x64-mingw-ucrt)
    ffi (1.17.1-x86_64-linux-gnu)
    ffi-libarchive (1.1.14)
      ffi (~> 1.0)
    ffi-libarchive-binary (0.4.1-arm64-darwin)
      bundler (~> 2.3, >= 2.3.22)
      ffi (~> 1.0)
      ffi-libarchive (~> 1.0)
      rake (~> 13.0)
    ffi-libarchive-binary (0.4.1-x64-mingw-ucrt)
      bundler (~> 2.3, >= 2.3.22)
      ffi (~> 1.0)
      ffi-libarchive (~> 1.0)
      rake (~> 13.0)
    ffi-libarchive-binary (0.4.1-x86_64-linux)
      bundler (~> 2.3, >= 2.3.22)
      ffi (~> 1.0)
      ffi-libarchive (~> 1.0)
      rake (~> 13.0)
    highline (3.1.2)
      reline
    io-console (0.8.0)
    json (2.10.1)
    log4r (1.1.10)
    logger (1.6.0)
    net-ftp (0.3.8)
      net-protocol
      time
    net-netrc (0.2.2)
      Platform (>= 0.3.0)
    net-protocol (0.2.2)
      timeout
    net-sftp (4.0.0)
      net-ssh (>= 5.0.0, < 8.0.0)
    net-ssh (7.3.0)
    polyglot (0.3.5)
    psych (5.2.3)
      date
      stringio
    rake (13.2.1)
    rdoc (6.12.0)
      psych (>= 4.0.0)
    reline (0.6.0)
      io-console (~> 0.5)
    rexml (3.4.1)
    rspec (3.13.0)
      rspec-core (~> 3.13.0)
      rspec-expectations (~> 3.13.0)
      rspec-mocks (~> 3.13.0)
    rspec-core (3.13.3)
      rspec-support (~> 3.13.0)
    rspec-expectations (3.13.3)
      diff-lcs (>= 1.2.0, < 2.0)
      rspec-support (~> 3.13.0)
    rspec-mocks (3.13.2)
      diff-lcs (>= 1.2.0, < 2.0)
      rspec-support (~> 3.13.0)
    rspec-support (3.13.2)
    simplecov (0.22.0)
      docile (~> 1.1)
      simplecov-html (~> 0.11)
      simplecov_json_formatter (~> 0.1)
    simplecov-html (0.13.1)
    simplecov_json_formatter (0.1.4)
    stringio (3.1.5)
    time (0.4.1)
      date
    timeout (0.4.3)
    treetop (1.6.14)
      polyglot (~> 0.3)

PLATFORMS
  arm64-darwin-22
  arm64-darwin-23
  arm64-darwin-24
  x64-mingw-ucrt
  x86_64-linux

DEPENDENCIES
  fig!
  rake (~> 13.2.0)
  rdoc (~> 6.12.0)
  rspec (~> 3)
  simplecov (~> 0.22.0)
  simplecov-html (~> 0.13.0)

BUNDLED WITH
   2.6.1
